PATH
  remote: local/social_stream
  specs:
    social_stream (2.2.2)
      social_stream-base (= 2.2.2)
      social_stream-documents (= 2.2.1)
      social_stream-events (= 2.2.1)
      social_stream-linkser (= 2.2.1)
      social_stream-oauth2_server (= 2.2.2)
    social_stream-base (2.2.2)
      acts-as-taggable-on (= 2.2.2)
      ancestry (= 1.2.3)
      avatars_for_rails (= 1.0.7)
      bootstrap-sass (= 2.3.2.0)
      cancan (= 1.6.7)
      deep_merge (= 1.0.0)
      deface (= 0.9.1)
      devise (= 2.2.3)
      flashy (= 0.0.1)
      foreigner (= 1.1.1)
      i18n-js (~> 2.1.2)
      inherited_resources (= 1.4.0)
      jquery-rails (= 2.2.1)
      jquery-ui-rails (>= 4.0.3)
      kaminari (= 0.13.0)
      mailboxer (= 0.10.3)
      modernizr-rails (= 2.0.6)
      omniauth-facebook (= 1.4.1)
      omniauth-linkedin (= 0.0.6)
      omniauth-socialstream (= 0.1.2)
      rails (>= 3.1.0)
      rails_autolink (= 1.0.4)
      rails_engine_decorators
      resque (= 1.23.0)
      sass-rails (>= 3.1.0)
      select2-rails (= 3.3.0)
      stringex (= 1.5.1)
      strong_parameters (= 0.2.1)
      thinking-sphinx (= 2.0.8)
    social_stream-documents (2.2.1)
      delayed_paperclip (>= 2.6.1)
      paperclip (~> 3.5.1)
      paperclip-ffmpeg (~> 1.0.1)
      social_stream-base (~> 2.2.2)
    social_stream-events (2.2.1)
      rails-scheduler (~> 0.1.2)
      social_stream-base (~> 2.2.2)
    social_stream-linkser (2.2.1)
      linkser (~> 0.0.12)
      social_stream-base (~> 2.2.2)
    social_stream-oauth2_server (2.2.2)
      rack-oauth2 (~> 1.0.0)
      social_stream-base (~> 2.2.2)

GEM
  remote: https://rubygems.org/
  specs:
    actionmailer (3.2.13)
      actionpack (= 3.2.13)
      mail (~> 2.5.3)
    actionpack (3.2.13)
      activemodel (= 3.2.13)
      activesupport (= 3.2.13)
      builder (~> 3.0.0)
      erubis (~> 2.7.0)
      journey (~> 1.0.4)
      rack (~> 1.4.5)
      rack-cache (~> 1.2)
      rack-test (~> 0.6.1)
      sprockets (~> 2.2.1)
    activemodel (3.2.13)
      activesupport (= 3.2.13)
      builder (~> 3.0.0)
    activerecord (3.2.13)
      activemodel (= 3.2.13)
      activesupport (= 3.2.13)
      arel (~> 3.0.2)
      tzinfo (~> 0.3.29)
    activeresource (3.2.13)
      activemodel (= 3.2.13)
      activesupport (= 3.2.13)
    activesupport (3.2.13)
      i18n (= 0.6.1)
      multi_json (~> 1.0)
    acts-as-taggable-on (2.2.2)
      rails (~> 3.0)
    ancestry (1.2.3)
      activerecord (>= 2.2.2)
    arel (3.0.3)
    attr_required (1.0.1)
    avatars_for_rails (1.0.7)
      flashy (~> 0.0.1)
      jquery-rails (>= 1.0.9)
      paperclip (>= 2.3.4)
      rmagick (>= 2.13.1)
    bcrypt-ruby (3.1.0)
    bootstrap-sass (2.3.2.0)
      sass (~> 3.2)
    builder (3.0.4)
    cancan (1.6.7)
    carrierwave (0.11.2)
      activemodel (>= 3.2.0)
      activesupport (>= 3.2.0)
      json (>= 1.7)
      mime-types (>= 1.16)
      mimemagic (>= 0.3.0)
    climate_control (0.2.0)
    cocaine (0.5.8)
      climate_control (>= 0.0.3, < 1.0)
    deep_merge (1.0.0)
    deface (0.9.1)
      nokogiri (~> 1.5.0)
      rails (~> 3.1)
    delayed_paperclip (2.10.0)
      paperclip (>= 3.3)
    devise (2.2.3)
      bcrypt-ruby (~> 3.0)
      orm_adapter (~> 0.1)
      railties (~> 3.1)
      warden (~> 1.2.1)
    erubis (2.7.0)
    faraday (0.9.2)
      multipart-post (>= 1.2, < 3)
    ffi (1.15.5)
    flashy (0.0.1)
      railties (>= 3.1.0)
    foreigner (1.1.1)
      activerecord (>= 3.0.0)
    ging-opengraph (0.0.5)
      hashie
      nokogiri (>= 1.4.0)
      rest-client (~> 1.6.0)
    has_scope (0.5.1)
    hashie (3.6.0)
    hike (1.2.3)
    httpclient (2.8.3)
    i18n (0.6.1)
    i18n-js (2.1.2)
      i18n
    inherited_resources (1.4.0)
      has_scope (~> 0.5.0)
      responders (~> 0.9)
    journey (1.0.4)
    jquery-rails (2.2.1)
      railties (>= 3.0, < 5.0)
      thor (>= 0.14, < 2.0)
    jquery-ui-rails (4.1.2)
      railties (>= 3.1.0)
    json (1.8.6)
    jwt (1.5.6)
    kaminari (0.13.0)
      actionpack (>= 3.0.0)
      activesupport (>= 3.0.0)
      railties (>= 3.0.0)
    linkser (0.0.15)
      ging-opengraph (~> 0.0.4)
      nokogiri (>= 1.4.0)
      rake
      rmagick (~> 2.13.1)
      ruby-imagespec (~> 0.2.0)
    mail (2.5.5)
      mime-types (~> 1.16)
      treetop (~> 1.4.8)
    mailboxer (0.10.3)
      carrierwave (>= 0.5.8)
      foreigner (>= 0.9.1)
      rails (> 3.0.0)
    mime-types (1.25.1)
    mimemagic (0.4.3)
      nokogiri (~> 1)
      rake
    modernizr-rails (2.0.6)
    multi_json (1.15.0)
    multi_xml (0.6.0)
    multipart-post (2.3.0)
    nokogiri (1.5.11)
    oauth (0.5.14)
    oauth2 (0.9.4)
      faraday (>= 0.8, < 0.10)
      jwt (~> 1.0)
      multi_json (~> 1.3)
      multi_xml (~> 0.5)
      rack (~> 1.2)
    omniauth (1.4.2)
      hashie (>= 1.2, < 4)
      rack (>= 1.0, < 3)
    omniauth-facebook (1.4.1)
      omniauth-oauth2 (~> 1.1.0)
    omniauth-linkedin (0.0.6)
      omniauth-oauth (~> 1.0.0)
    omniauth-oauth (1.0.1)
      oauth
      omniauth (~> 1.0)
    omniauth-oauth2 (1.1.2)
      faraday (>= 0.8, < 0.10)
      multi_json (~> 1.3)
      oauth2 (~> 0.9.3)
      omniauth (~> 1.2)
    omniauth-socialstream (0.1.2)
      omniauth-oauth2 (~> 1.1.1)
    orm_adapter (0.5.0)
    paperclip (3.5.4)
      activemodel (>= 3.0.0)
      activesupport (>= 3.0.0)
      cocaine (~> 0.5.3)
      mime-types
    paperclip-ffmpeg (1.0.1)
      paperclip (>= 2.5.2)
    polyglot (0.3.5)
    rack (1.4.7)
    rack-cache (1.2)
      rack (>= 0.4)
    rack-oauth2 (1.0.10)
      activesupport (>= 2.3)
      attr_required (>= 0.0.5)
      httpclient (>= 2.4)
      multi_json (>= 1.3.6)
      rack (>= 1.1)
    rack-protection (1.5.5)
      rack
    rack-ssl (1.3.4)
      rack
    rack-test (0.6.3)
      rack (>= 1.0)
    rails (3.2.13)
      actionmailer (= 3.2.13)
      actionpack (= 3.2.13)
      activerecord (= 3.2.13)
      activeresource (= 3.2.13)
      activesupport (= 3.2.13)
      bundler (~> 1.0)
      railties (= 3.2.13)
    rails-scheduler (0.1.3)
      rails (>= 3.1.0)
      recurrence (~> 1.2.0)
    rails_autolink (1.0.4)
      rails (>= 3.1.0)
    rails_engine_decorators (1.0.0)
      railties (>= 3.2.8)
    railties (3.2.13)
      actionpack (= 3.2.13)
      activesupport (= 3.2.13)
      rack-ssl (~> 1.3.2)
      rake (>= 0.8.7)
      rdoc (~> 3.4)
      thor (>= 0.14.6, < 2.0)
    rake (13.0.6)
    rb-fsevent (0.11.2)
    rb-inotify (0.10.1)
      ffi (~> 1.0)
    rdoc (3.12.2)
      json (~> 1.4)
    recurrence (1.2.0)
      activesupport (>= 2.3.0)
      i18n
    redis (4.4.0)
    redis-namespace (1.6.0)
      redis (>= 3.0.4)
    responders (0.9.3)
      railties (~> 3.1)
    resque (1.23.0)
      multi_json (~> 1.0)
      redis-namespace (~> 1.0)
      sinatra (>= 0.9.2)
      vegas (~> 0.1.2)
    rest-client (1.6.14)
      mime-types (~> 1.16)
    riddle (2.4.3)
    rmagick (2.13.4)
    ruby-imagespec (0.2.0)
    sass (3.7.4)
      sass-listen (~> 4.0.0)
    sass-listen (4.0.0)
      rb-fsevent (~> 0.9, >= 0.9.4)
      rb-inotify (~> 0.9, >= 0.9.7)
    sass-rails (3.2.6)
      railties (~> 3.2.0)
      sass (>= 3.1.10)
      tilt (~> 1.3)
    select2-rails (3.3.0)
      sass-rails (~> 3.2)
      thor (~> 0.14)
    sinatra (1.4.6)
      rack (~> 1.4)
      rack-protection (~> 1.4)
      tilt (>= 1.3, < 3)
    sprockets (2.2.3)
      hike (~> 1.2)
      multi_json (~> 1.0)
      rack (~> 1.0)
      tilt (~> 1.1, != 1.3.0)
    sqlite3 (1.4.0)
    stringex (1.5.1)
    strong_parameters (0.2.1)
      actionpack (~> 3.0)
      activemodel (~> 3.0)
      railties (~> 3.0)
    thinking-sphinx (2.0.8)
      activerecord (>= 3.0.3)
      builder (>= 2.1.2)
      riddle (>= 1.3.3)
    thor (0.20.3)
    tilt (1.4.1)
    treetop (1.4.15)
      polyglot
      polyglot (>= 0.3.1)
    tzinfo (0.3.61)
    vegas (0.1.11)
      rack (>= 1.0.0)
    warden (1.2.7)
      rack (>= 1.0)

PLATFORMS
  ruby

DEPENDENCIES
  activesupport (= 3.2.13)
  bcrypt-ruby (= 3.1.0)
  rack-cache (= 1.2)
  rails (= 3.2.13)
  social_stream!
  sqlite3 (= 1.4.0)

BUNDLED WITH
   1.17.3
